PATH
  remote: .
  specs:
    microsoft_actionmailer (0.5.0)
      excon (~> 0.78)
      mail (~> 2.5)

GEM
  remote: https://rubygems.org/
  specs:
    diff-lcs (1.3)
    excon (0.78.0)
    mail (2.7.1)
      mini_mime (>= 0.1.1)
    mini_mime (1.0.2)
    rake (10.5.0)
    rspec (3.9.0)
      rspec-core (~> 3.9.0)
      rspec-expectations (~> 3.9.0)
      rspec-mocks (~> 3.9.0)
    rspec-core (3.9.2)
      rspec-support (~> 3.9.3)
    rspec-expectations (3.9.2)
      diff-lcs (>= 1.2.0, < 2.0)
      rspec-support (~> 3.9.0)
    rspec-mocks (3.9.1)
      diff-lcs (>= 1.2.0, < 2.0)
      rspec-support (~> 3.9.0)
    rspec-support (3.9.3)

PLATFORMS
  ruby

DEPENDENCIES
  bundler (~> 2)
  microsoft_actionmailer!
  rake (~> 10.0)
  rspec (~> 3.0)

BUNDLED WITH
   2.1.4
